GIT
  remote: git://github.com/jazzido/tabula-extractor.git
  revision: dfdd4f45d22b847a17a1680e9df04ce4b6fab0e6
  specs:
    tabula-extractor (0.6.4-java)
      trollop (~> 2.0)

GEM
  remote: https://rubygems.org/
  specs:
    call-me (0.0.2.3)
      refining
    childprocess (0.3.9)
      ffi (~> 1.0, >= 1.0.11)
    choice (0.1.6)
    cuba (3.1.0)
      rack
    docsplit (0.7.2)
    ffi (1.9.0-java)
    ffi-extra (0.1.0)
      ffi
    ffi-inline (0.0.4.3)
      ffi (>= 0.4.0)
    iso-639 (0.1.0)
    jruby-jars (1.7.4)
    jruby-rack (1.1.13.2)
    mini_magick (3.6.0)
      subexec (~> 0.2.1)
    mizuno (0.6.6)
      childprocess (>= 0.2.6)
      choice (>= 0.1.0)
      ffi (>= 1.0.0)
      rack (>= 1.0.0)
    rack (1.5.2)
    rake (10.1.0)
    refining (0.0.5.5)
    rmagick4j (0.3.7)
    rubyzip (0.9.9)
    slogger (0.0.10)
    subexec (0.2.3)
    tesseract-ocr (0.1.5)
      call-me
      ffi-extra
      ffi-inline
      iso-639
    tilt (1.4.1)
    trollop (2.0)
    warbler (1.3.8)
      jruby-jars (>= 1.5.6)
      jruby-rack (>= 1.0.0)
      rake (>= 0.9.6)
      rubyzip (>= 0.9.8)

PLATFORMS
  java

DEPENDENCIES
  cuba
  docsplit
  mini_magick
  mizuno
  rack
  rake
  rmagick4j
  slogger
  tabula-extractor!
  tesseract-ocr
  tilt
  warbler
