GIT
  remote: git://github.com/jazzido/tabula-extractor.git
  revision: dfdd4f45d22b847a17a1680e9df04ce4b6fab0e6
  specs:
    tabula-extractor (0.6.4-java)
      trollop (~> 2.0)

GIT
  remote: git://github.com/noahpryor/pdf_extract.git
  revision: 3d185f3c3b9bbc7b26d6e8ac45f2f77677a5698d
  specs:
    pdf_extract (0.4.0)
      bundler (>= 1.0.0)
      docsplit
      jeweler (~> 1.8.4)
      rake (>= 10.0.3)
      tesseract-ocr

GEM
  remote: https://rubygems.org/
  specs:
    addressable (2.3.5)
    builder (3.2.2)
    call-me (0.0.2.3)
      refining
    childprocess (0.3.9)
      ffi (~> 1.0, >= 1.0.11)
    choice (0.1.6)
    cuba (3.1.0)
      rack
    docsplit (0.7.2)
    faraday (0.8.7)
      multipart-post (~> 1.1)
    ffi (1.9.0-java)
    ffi-extra (0.1.0)
      ffi
    ffi-inline (0.0.4.3)
      ffi (>= 0.4.0)
    git (1.2.5)
    github_api (0.10.1)
      addressable
      faraday (~> 0.8.1)
      hashie (>= 1.2)
      multi_json (~> 1.4)
      nokogiri (~> 1.5.2)
      oauth2
    hashie (2.0.5)
    highline (1.6.19)
    httpauth (0.2.0)
    iso-639 (0.1.0)
    jeweler (1.8.6)
      builder
      bundler (~> 1.0)
      git (>= 1.2.5)
      github_api (= 0.10.1)
      highline (>= 1.6.15)
      nokogiri (= 1.5.10)
      rake
      rdoc
    jruby-jars (1.7.4)
    jruby-rack (1.1.13.2)
    json (1.8.0-java)
    jwt (0.1.8)
      multi_json (>= 1.5)
    mizuno (0.6.6)
      childprocess (>= 0.2.6)
      choice (>= 0.1.0)
      ffi (>= 1.0.0)
      rack (>= 1.0.0)
    multi_json (1.7.7)
    multi_xml (0.5.4)
    multipart-post (1.2.0)
    nokogiri (1.5.10-java)
    oauth2 (0.9.2)
      faraday (~> 0.8)
      httpauth (~> 0.2)
      jwt (~> 0.1.4)
      multi_json (~> 1.0)
      multi_xml (~> 0.5)
      rack (~> 1.2)
    rack (1.5.2)
    rake (10.1.0)
    rdoc (4.0.1)
      json (~> 1.4)
    refining (0.0.5.5)
    rubyzip (0.9.9)
    tesseract-ocr (0.1.5)
      call-me
      ffi-extra
      ffi-inline
      iso-639
    tilt (1.4.1)
    trollop (2.0)
    warbler (1.3.8)
      jruby-jars (>= 1.5.6)
      jruby-rack (>= 1.0.0)
      rake (>= 0.9.6)
      rubyzip (>= 0.9.8)

PLATFORMS
  java

DEPENDENCIES
  cuba
  docsplit
  mizuno
  pdf_extract!
  rack
  rake
  tabula-extractor!
  tilt
  warbler
