GIT
  remote: git://github.com/jazzido/tabula-extractor.git
  revision: dfdd4f45d22b847a17a1680e9df04ce4b6fab0e6
  specs:
    tabula-extractor (0.6.4-java)
      trollop (~> 2.0)

GIT
  remote: git://github.com/mimosz/rtesseract.git
  revision: 7d0d591a86d350b4620f6f150504ab0f6d4dc710
  specs:
    rtesseract (0.0.13)
      rmagick4j

GEM
  remote: https://rubygems.org/
  specs:
    childprocess (0.3.9)
      ffi (~> 1.0, >= 1.0.11)
    choice (0.1.6)
    cuba (3.1.0)
      rack
    docsplit (0.7.2)
    ffi (1.9.0-java)
    jruby-jars (1.7.4)
    jruby-rack (1.1.13.2)
    mini_magick (3.6.0)
      subexec (~> 0.2.1)
    mizuno (0.6.6)
      childprocess (>= 0.2.6)
      choice (>= 0.1.0)
      ffi (>= 1.0.0)
      rack (>= 1.0.0)
    rack (1.5.2)
    rake (10.1.0)
    rmagick4j (0.3.7)
    rubyzip (0.9.9)
    slogger (0.0.10)
    subexec (0.2.3)
    tilt (1.4.1)
    trollop (2.0)
    warbler (1.3.8)
      jruby-jars (>= 1.5.6)
      jruby-rack (>= 1.0.0)
      rake (>= 0.9.6)
      rubyzip (>= 0.9.8)

PLATFORMS
  java

DEPENDENCIES
  cuba
  docsplit
  mini_magick
  mizuno
  rack
  rake
  rmagick4j
  rtesseract!
  slogger
  tabula-extractor!
  tilt
  warbler
